GEM
  remote: https://rubygems.org/
  specs:
    childprocess (0.5.9)
      ffi (~> 1.0, >= 1.0.11)
    dbi (0.4.5)
      deprecated (= 2.0.1)
    deprecated (2.0.1)
    ffi (1.9.10)
    pg (0.18.4)
    postgres (0.8.1)
      pg (~> 0)
    rubyzip (1.2.0)
    selenium-webdriver (2.53.0)
      childprocess (~> 0.5)
      rubyzip (~> 1.0)
      websocket (~> 1.0)
    watir-scroll (0.1.0)
      watir-webdriver
    watir-webdriver (0.9.1)
      selenium-webdriver (>= 2.46.2)
    websocket (1.2.2)

PLATFORMS
  ruby

DEPENDENCIES
  dbi
  postgres
  watir-scroll

BUNDLED WITH
   1.11.2
